GIT
  remote: git://github.com/29decibel/readit.git
  revision: f352941719e54cd05c241e56571fd160ab456aa4
  specs:
    readit (0.1.0)
      hashie
      multi_json
      oauth

GIT
  remote: git://github.com/turadg/pocket-ruby.git
  revision: 6eb7d295c9dc219cc2a8b9612b29271807389898
  specs:
    pocket-ruby (0.0.4)
      faraday (>= 0.7, < 0.9)
      faraday_middleware (~> 0.8)
      hashie (>= 0.4.0)
      multi_json (~> 1.0, >= 1.0.3)

GEM
  remote: https://rubygems.org/
  specs:
    activemodel (4.0.0)
      activesupport (= 4.0.0)
      builder (~> 3.1.0)
    activerecord (4.0.0)
      activemodel (= 4.0.0)
      activerecord-deprecated_finders (~> 1.0.2)
      activesupport (= 4.0.0)
      arel (~> 4.0.0)
    activerecord-deprecated_finders (1.0.3)
    activesupport (4.0.0)
      i18n (~> 0.6, >= 0.6.4)
      minitest (~> 4.2)
      multi_json (~> 1.3)
      thread_safe (~> 0.1)
      tzinfo (~> 0.3.37)
    arel (4.0.0)
    atomic (1.1.14)
    builder (3.1.4)
    configatron (2.13.0)
      yamler (>= 0.1.0)
    diff-lcs (1.2.4)
    excon (0.29.0)
    faraday (0.8.8)
      multipart-post (~> 1.2.0)
    faraday_middleware (0.9.0)
      faraday (>= 0.7.4, < 0.9)
    hashie (2.0.5)
    i18n (0.6.5)
    json (1.8.0)
    mandrill-api (1.0.49)
      excon (>= 0.16.0, < 1.0)
      json (>= 1.7.7, < 2.0)
    minitest (4.7.5)
    multi_json (1.8.1)
    multipart-post (1.2.0)
    oauth (0.4.7)
    pg (0.17.0)
    rack (1.5.2)
    rack-google-analytics (0.12.0)
    rack-protection (1.5.0)
      rack
    rack-test (0.6.2)
      rack (>= 1.0)
    rake (0.9.6)
    rspec (2.14.1)
      rspec-core (~> 2.14.0)
      rspec-expectations (~> 2.14.0)
      rspec-mocks (~> 2.14.0)
    rspec-core (2.14.6)
    rspec-expectations (2.14.3)
      diff-lcs (>= 1.1.3, < 2.0)
    rspec-mocks (2.14.4)
    shotgun (0.9)
      rack (>= 1.0)
    sinatra (1.4.3)
      rack (~> 1.4)
      rack-protection (~> 1.4)
      tilt (~> 1.3, >= 1.3.4)
    sinatra-activerecord (1.2.3)
      activerecord (>= 3.0)
      sinatra (~> 1.0)
    sinatra-flash (0.3.0)
      sinatra (>= 1.0.0)
    sinatra-redirect-with-flash (0.2.0)
      sinatra (>= 1.0.0)
    sqlite3 (1.3.8)
    thread_safe (0.1.3)
      atomic
    tilt (1.4.1)
    tzinfo (0.3.37)
    yamler (0.1.0)

PLATFORMS
  ruby

DEPENDENCIES
  activerecord (~> 4.0)
  configatron (~> 2.13)
  json (~> 1.8)
  mandrill-api (~> 1.0)
  pg (~> 0.17)
  pocket-ruby!
  rack-google-analytics (~> 0.12)
  rack-test (~> 0.6)
  rake (~> 0.9)
  readit!
  rspec (~> 2.14)
  shotgun (~> 0.9)
  sinatra (~> 1.4.3)
  sinatra-activerecord (~> 1.2.3)
  sinatra-flash (~> 0.3.0)
  sinatra-redirect-with-flash (~> 0.2.0)
  sqlite3 (~> 1.3)
